GEM
  remote: https://rubygems.org/
  specs:
    chunky_png (1.2.9)
    cmdparse (2.0.5)
    compass (0.12.2)
      chunky_png (~> 1.2)
      fssm (>= 0.2.7)
      sass (~> 3.1)
    diff-lcs (1.2.5)
    fssm (0.2.10)
    grit (2.5.0)
      diff-lcs (~> 1.1)
      mime-types (~> 1.15)
      posix-spawn (~> 0.3.6)
    juicer (1.1.1)
      cmdparse
      nokogiri (>= 1.5.0)
      rubyzip (= 0.9.9)
    mime-types (1.25)
    mini_portile (0.5.2)
    nokogiri (1.6.0)
      mini_portile (~> 0.5.0)
    posix-spawn (0.3.6)
    rubyzip (0.9.9)
    sass (3.2.12)

PLATFORMS
  ruby

DEPENDENCIES
  compass
  grit
  juicer
